GEM
  remote: https://rubygems.org/
  specs:
    pg (0.14.1)
    sqlite3 (1.3.7)

PLATFORMS
  ruby

DEPENDENCIES
  pg
  sqlite3
